GEM
  remote: https://rubygems.org/
  specs:
    active_file (0.0.4)
      brnumeros (~> 3.3)
    brnumeros (3.3.0)

PLATFORMS
  ruby

DEPENDENCIES
  active_file (= 0.0.4)
  brnumeros (= 3.3.0)

BUNDLED WITH
   1.15.4
